GEM
  remote: http://rubygems.org/
  specs:
    aws-sdk (2.6.6)
      aws-sdk-resources (= 2.6.6)
    aws-sdk-core (2.6.6)
      jmespath (~> 1.0)
    aws-sdk-resources (2.6.6)
      aws-sdk-core (= 2.6.6)
    jmespath (1.3.1)

PLATFORMS
  ruby

DEPENDENCIES
  aws-sdk (= 2.6.6)

BUNDLED WITH
   1.13.2
